GIT
  remote: https://github.com/jana4u/atlantica_online_craft_calculator
  revision: d587cd80578f8177375f89cba5108ee7a50eb8ad
  specs:
    atlantica_online_craft_calculator (0.0.1)

GEM
  remote: https://rubygems.org/
  specs:
    activesupport (4.1.0)
      i18n (~> 0.6, >= 0.6.9)
      json (~> 1.7, >= 1.7.7)
      minitest (~> 5.1)
      thread_safe (~> 0.1)
      tzinfo (~> 1.1)
    backports (3.6.0)
    commonjs (0.2.7)
    daemons (1.1.9)
    erubis (2.7.0)
    eventmachine (1.0.3)
    fastercsv (1.5.5)
    http_router (0.11.1)
      rack (>= 1.0.0)
      url_mount (~> 0.2.1)
    i18n (0.6.9)
    jsmin (1.0.1)
    json (1.8.1)
    less (2.5.0)
      commonjs (~> 0.2.7)
    libv8 (3.16.14.3)
    mail (2.5.4)
      mime-types (~> 1.16)
      treetop (~> 1.4.8)
    mime-types (1.25.1)
    minitest (5.3.3)
    padrino-contrib (0.1.13)
    padrino-core (0.12.1)
      activesupport (>= 3.1)
      http_router (~> 0.11.0)
      padrino-support (= 0.12.1)
      rack-protection (>= 1.5.0)
      sinatra (~> 1.4.2)
      thor (~> 0.18.0)
    padrino-helpers (0.12.1)
      i18n (~> 0.6, >= 0.6.7)
      padrino-support (= 0.12.1)
      tilt (~> 1.4.1)
    padrino-mailer (0.12.1)
      mail (~> 2.5.3)
      padrino-core (= 0.12.1)
    padrino-support (0.12.1)
      activesupport (>= 3.1)
    polyglot (0.3.4)
    rack (1.5.2)
    rack-protection (1.5.3)
      rack
    rack-test (0.6.2)
      rack (>= 1.0)
    rake (10.3.1)
    ref (1.0.5)
    sinatra (1.4.5)
      rack (~> 1.4)
      rack-protection (~> 1.4)
      tilt (~> 1.3, >= 1.3.4)
    sinatra-assetpack (0.2.2)
      backports
      jsmin
      rack-test
      sinatra
      tilt (>= 1.3.0)
    sinatra-flash (0.3.0)
      sinatra (>= 1.0.0)
    therubyracer (0.12.1)
      libv8 (~> 3.16.14.0)
      ref
    thin (1.6.2)
      daemons (>= 1.0.9)
      eventmachine (>= 1.0.0)
      rack (>= 1.0.0)
    thor (0.18.1)
    thread_safe (0.3.3)
    tilt (1.4.1)
    treetop (1.4.15)
      polyglot
      polyglot (>= 0.3.1)
    tzinfo (1.1.0)
      thread_safe (~> 0.1)
    url_mount (0.2.1)
      rack

PLATFORMS
  ruby

DEPENDENCIES
  atlantica_online_craft_calculator!
  erubis (~> 2.7.0)
  fastercsv
  less
  padrino-contrib
  padrino-core (= 0.12.1)
  padrino-helpers (= 0.12.1)
  padrino-mailer (= 0.12.1)
  rake
  sinatra-assetpack (= 0.2.2)
  sinatra-flash
  therubyracer
  thin
