GIT
  remote: https://github.com/jana4u/atlantica_online_craft_calculator
  revision: 5a6ff2ef2f59e0029a548ec4ff13b1ba17b9903d
  specs:
    atlantica_online_craft_calculator (0.0.1)

GEM
  remote: http://rubygems.org/
  specs:
    activesupport (3.2.11)
      i18n (~> 0.6)
      multi_json (~> 1.0)
    commonjs (0.2.6)
    daemons (1.1.9)
    erubis (2.7.0)
    eventmachine (1.0.0)
    fastercsv (1.5.5)
    http_router (0.10.2)
      rack (>= 1.0.0)
      url_mount (~> 0.2.1)
    i18n (0.6.1)
    jsmin (1.0.1)
    less (2.2.2)
      commonjs (~> 0.2.6)
    libv8 (3.11.8.13)
    multi_json (1.5.0)
    padrino-core (0.10.7)
      activesupport (~> 3.2.0)
      http_router (~> 0.10.2)
      sinatra (~> 1.3.1)
      thor (~> 0.15.2)
      tilt (~> 1.3.0)
    padrino-helpers (0.10.7)
      i18n (~> 0.6)
      padrino-core (= 0.10.7)
    rack (1.4.4)
    rack-protection (1.3.2)
      rack
    rack-test (0.6.2)
      rack (>= 1.0)
    rake (10.0.3)
    ref (1.0.2)
    sinatra (1.3.3)
      rack (~> 1.3, >= 1.3.6)
      rack-protection (~> 1.2)
      tilt (~> 1.3, >= 1.3.3)
    sinatra-assetpack (0.1.2)
      jsmin
      rack-test
      sinatra
      tilt (>= 1.3.0)
    sinatra-flash (0.3.0)
      sinatra (>= 1.0.0)
    therubyracer (0.11.3)
      libv8 (~> 3.11.8.12)
      ref
    thin (1.5.0)
      daemons (>= 1.0.9)
      eventmachine (>= 0.12.6)
      rack (>= 1.0.0)
    thor (0.15.4)
    tilt (1.3.3)
    url_mount (0.2.1)
      rack

PLATFORMS
  ruby

DEPENDENCIES
  atlantica_online_craft_calculator!
  erubis (~> 2.7.0)
  fastercsv
  less
  padrino-core (= 0.10.7)
  padrino-helpers (= 0.10.7)
  rake
  sinatra-assetpack
  sinatra-flash
  therubyracer
  thin
